PATH
  remote: .
  specs:
    rollout (1.1.0)
      rollout

GEM
  remote: http://rubygems.org/
  specs:
    bourne (1.0)
      mocha (= 0.9.8)
    diff-lcs (1.1.3)
    git (1.2.5)
    jeweler (1.8.3)
      bundler (~> 1.0)
      git (>= 1.2.5)
      rake
      rdoc
    mocha (0.9.8)
      rake
    rake (0.9.2.2)
    rdoc (2.4.2)
    redis (2.2.2)
    rspec (2.8.0)
      rspec-core (~> 2.8.0)
      rspec-expectations (~> 2.8.0)
      rspec-mocks (~> 2.8.0)
    rspec-core (2.8.0)
    rspec-expectations (2.8.0)
      diff-lcs (~> 1.1.2)
    rspec-mocks (2.8.0)

PLATFORMS
  ruby

DEPENDENCIES
  bourne (= 1.0.0)
  jeweler (= 1.8.3)
  rdoc (= 2.4.2)
  redis (= 2.2.2)
  rollout!
  rspec (~> 2.8.0)
